PATH
  remote: .
  specs:
    gofer (0.0.1)
      gli (= 2.14.0)
      logging (~> 2)

GEM
  remote: https://rubygems.org/
  specs:
    gli (2.14.0)
    little-plugger (1.1.3)
    logging (2.0.0)
      little-plugger (~> 1.1)
      multi_json (~> 1.10)
    multi_json (1.12.1)

PLATFORMS
  ruby

DEPENDENCIES
  gofer!

BUNDLED WITH
   1.10.4
