PATH
  remote: .
  specs:
    puppet-armature (0.5.0)
      gli (= 2.14.0)
      logging (~> 2)

GEM
  remote: https://rubygems.org/
  specs:
    gli (2.14.0)
    little-plugger (1.1.4)
    logging (2.2.2)
      little-plugger (~> 1.1)
      multi_json (~> 1.10)
    minitest (5.10.1)
    multi_json (1.13.1)
    rake (12.3.3)

PLATFORMS
  ruby
  x86_64-darwin-16

DEPENDENCIES
  minitest (~> 5.9)
  puppet-armature!
  rake (< 999)

BUNDLED WITH
   1.17.2
