PATH
  remote: .
  specs:
    puppet-armature (0.2.2)
      gli (= 2.14.0)
      logging (~> 2)

GEM
  remote: https://rubygems.org/
  specs:
    gli (2.14.0)
    little-plugger (1.1.3)
    logging (2.0.0)
      little-plugger (~> 1.1)
      multi_json (~> 1.10)
    minitest (5.10.1)
    multi_json (1.12.1)

PLATFORMS
  ruby

DEPENDENCIES
  minitest (~> 5.9)
  puppet-armature!

BUNDLED WITH
   1.14.6
